GEM
  remote: http://rubygems.org/
  specs:
    brnumeros (3.3.0)

PLATFORMS
  x64-mingw32

DEPENDENCIES
  brnumeros (~> 3.3.0)

BUNDLED WITH
   2.3.4
